GEM
  remote: http://rubygems.org/
  specs:
    haml (4.0.3)
      tilt
    rack (1.5.2)
    rack-protection (1.5.0)
      rack
    rr (1.1.1)
    shoulda-context (1.1.4)
    sinatra (1.4.3)
      rack (~> 1.4)
      rack-protection (~> 1.4)
      tilt (~> 1.3, >= 1.3.4)
    test-unit (2.5.5)
    test-unit-rr (1.0.3)
      rr (>= 1.1.1)
      test-unit (>= 2.5.2)
    tilt (1.4.1)

PLATFORMS
  ruby

DEPENDENCIES
  haml
  rr (~> 1.1.1)
  shoulda-context (~> 1.1.4)
  sinatra
  test-unit (~> 2.5.5)
  test-unit-rr
